GEM
  remote: http://rubygems.org/
  specs:
    builder (3.0.0)
    kgio (2.7.4)
    netrc (0.7.7)
    rack (1.4.1)
    rack-protection (1.2.0)
      rack
    rack-ssl (1.3.2)
      rack
    raindrops (0.10.0)
    rest_client (1.7.2)
      netrc (~> 0.7.7)
    sinatra (1.3.2)
      rack (~> 1.3, >= 1.3.6)
      rack-protection (~> 1.2)
      tilt (~> 1.3, >= 1.3.3)
    tilt (1.3.3)
    unicorn (4.3.1)
      kgio (~> 2.6)
      rack
      raindrops (~> 0.7)

PLATFORMS
  ruby

DEPENDENCIES
  builder
  rack-ssl
  rest_client
  sinatra
  unicorn
